GEM
  remote: https://rubygems.org/
  specs:
    json (2.0.2)
    jwt (1.5.6)
    liquid (4.0.0)
    rack (1.6.5)
    rack-protection (1.5.3)
      rack
    sequel (4.41.0)
    sinatra (1.4.7)
      rack (~> 1.5)
      rack-protection (~> 1.4)
      tilt (>= 1.3, < 3)
    tilt (2.0.5)

PLATFORMS
  ruby

DEPENDENCIES
  json
  jwt
  liquid
  rack
  sequel (= 4.41.0)
  sinatra (= 1.4.7)

RUBY VERSION
   ruby 2.1.5p273

BUNDLED WITH
   1.13.6
